GEM
  remote: http://rubygems.org/
  specs:
    ansi (1.4.3)
    builder (3.0.2)
    hashie (1.2.0)
    httparty (0.9.0)
      multi_json (~> 1.0)
      multi_xml
    mash (0.1.1)
    minitest (4.3.3)
    minitest-reporters (0.13.1)
      ansi
      builder
      minitest (>= 2.12, < 5.0)
      powerbar
    multi_json (1.3.6)
    multi_xml (0.5.1)
    powerbar (1.0.11)
      ansi (~> 1.4.0)
      hashie (>= 1.1.0)
    require_all (1.2.1)

PLATFORMS
  ruby

DEPENDENCIES
  httparty
  mash
  minitest
  minitest-reporters (>= 0.5.0)
  require_all
